PATH
  remote: .
  specs:
    frack (0.0.1)
      gli (= 2.7.0)
      settingslogic
      stathat

GEM
  remote: https://rubygems.org/
  specs:
    aruba (0.5.3)
      childprocess (>= 0.3.6)
      cucumber (>= 1.1.1)
      rspec-expectations (>= 2.7.0)
    builder (3.2.2)
    childprocess (0.3.9)
      ffi (~> 1.0, >= 1.0.11)
    coderay (1.0.9)
    cucumber (1.3.6)
      builder (>= 2.1.2)
      diff-lcs (>= 1.1.3)
      gherkin (~> 2.12.0)
      multi_json (~> 1.7.5)
      multi_test (>= 0.0.2)
    diff-lcs (1.2.4)
    ffi (1.9.0)
    gherkin (2.12.1)
      multi_json (~> 1.3)
    gli (2.7.0)
    json (1.8.0)
    method_source (0.8.2)
    multi_json (1.7.9)
    multi_test (0.0.2)
    pry (0.9.12.2)
      coderay (~> 1.0.5)
      method_source (~> 0.8)
      slop (~> 3.4)
    rake (10.1.0)
    rdoc (4.0.1)
      json (~> 1.4)
    rspec-expectations (2.14.2)
      diff-lcs (>= 1.1.3, < 2.0)
    settingslogic (2.0.9)
    slop (3.4.6)
    stathat (0.1.7)

PLATFORMS
  ruby

DEPENDENCIES
  aruba
  frack!
  pry
  rake
  rdoc
